PATH
  remote: .
  specs:
    turboboost (0.1.2)
      coffee-rails
      jquery-rails
      railties
      turbolinks

GEM
  remote: https://rubygems.org/
  specs:
    actionpack (5.2.2.1)
      actionview (= 5.2.2.1)
      activesupport (= 5.2.2.1)
      rack (~> 2.0)
      rack-test (>= 0.6.3)
      rails-dom-testing (~> 2.0)
      rails-html-sanitizer (~> 1.0, >= 1.0.2)
    actionview (5.2.2.1)
      activesupport (= 5.2.2.1)
      builder (~> 3.1)
      erubi (~> 1.4)
      rails-dom-testing (~> 2.0)
      rails-html-sanitizer (~> 1.0, >= 1.0.3)
    activesupport (5.2.2.1)
      concurrent-ruby (~> 1.0, >= 1.0.2)
      i18n (>= 0.7, < 2)
      minitest (~> 5.1)
      tzinfo (~> 1.1)
    ansi (1.4.3)
    appraisal (2.1.0)
      bundler
      rake
      thor (>= 0.14.0)
    awesome_print (1.2.0)
    builder (3.2.3)
    coffee-rails (4.2.2)
      coffee-script (>= 2.2.0)
      railties (>= 4.0.0)
    coffee-script (2.4.1)
      coffee-script-source
      execjs
    coffee-script-source (1.12.2)
    concurrent-ruby (1.1.5)
    crass (1.0.5)
    erubi (1.8.0)
    execjs (2.7.0)
    i18n (1.6.0)
      concurrent-ruby (~> 1.0)
    jquery-rails (4.3.3)
      rails-dom-testing (>= 1, < 3)
      railties (>= 4.2.0)
      thor (>= 0.14, < 2.0)
    loofah (2.3.1)
      crass (~> 1.0.2)
      nokogiri (>= 1.5.9)
    metaclass (0.0.1)
    method_source (0.9.2)
    mini_portile2 (2.4.0)
    minitest (5.11.3)
    mocha (0.14.0)
      metaclass (~> 0.0.1)
    nokogiri (1.10.5)
      mini_portile2 (~> 2.4.0)
    rack (2.0.6)
    rack-test (1.1.0)
      rack (>= 1.0, < 3)
    rails-dom-testing (2.0.3)
      activesupport (>= 4.2.0)
      nokogiri (>= 1.6)
    rails-html-sanitizer (1.0.4)
      loofah (~> 2.2, >= 2.2.2)
    railties (5.2.2.1)
      actionpack (= 5.2.2.1)
      activesupport (= 5.2.2.1)
      method_source
      rake (>= 0.8.7)
      thor (>= 0.19.0, < 2.0)
    rake (0.9.6)
    sqlite3 (1.3.10)
    thor (0.20.3)
    thread_safe (0.3.6)
    turbolinks (5.2.0)
      turbolinks-source (~> 5.2)
    turbolinks-source (5.2.0)
    turn (0.9.6)
      ansi
    tzinfo (1.2.5)
      thread_safe (~> 0.1)

PLATFORMS
  ruby

DEPENDENCIES
  appraisal (~> 2.1)
  awesome_print
  bundler (~> 1.3)
  mocha
  rake (~> 0)
  sqlite3
  turboboost!
  turn

BUNDLED WITH
   1.17.3
