PATH
  remote: .
  specs:
    turboboost (0.1.2)
      coffee-rails
      jquery-rails
      railties
      turbolinks

GEM
  remote: https://rubygems.org/
  specs:
    actionpack (6.0.3.1)
      actionview (= 6.0.3.1)
      activesupport (= 6.0.3.1)
      rack (~> 2.0, >= 2.0.8)
      rack-test (>= 0.6.3)
      rails-dom-testing (~> 2.0)
      rails-html-sanitizer (~> 1.0, >= 1.2.0)
    actionview (6.0.3.1)
      activesupport (= 6.0.3.1)
      builder (~> 3.1)
      erubi (~> 1.4)
      rails-dom-testing (~> 2.0)
      rails-html-sanitizer (~> 1.1, >= 1.2.0)
    activesupport (6.0.3.1)
      concurrent-ruby (~> 1.0, >= 1.0.2)
      i18n (>= 0.7, < 2)
      minitest (~> 5.1)
      tzinfo (~> 1.1)
      zeitwerk (~> 2.2, >= 2.2.2)
    ansi (1.4.3)
    appraisal (2.1.0)
      bundler
      rake
      thor (>= 0.14.0)
    awesome_print (1.2.0)
    builder (3.2.4)
    coffee-rails (4.2.2)
      coffee-script (>= 2.2.0)
      railties (>= 4.0.0)
    coffee-script (2.4.1)
      coffee-script-source
      execjs
    coffee-script-source (1.12.2)
    concurrent-ruby (1.1.6)
    crass (1.0.6)
    erubi (1.9.0)
    execjs (2.7.0)
    i18n (1.8.2)
      concurrent-ruby (~> 1.0)
    jquery-rails (4.4.0)
      rails-dom-testing (>= 1, < 3)
      railties (>= 4.2.0)
      thor (>= 0.14, < 2.0)
    loofah (2.5.0)
      crass (~> 1.0.2)
      nokogiri (>= 1.5.9)
    metaclass (0.0.1)
    method_source (1.0.0)
    mini_portile2 (2.4.0)
    minitest (5.14.1)
    mocha (0.14.0)
      metaclass (~> 0.0.1)
    nokogiri (1.10.9)
      mini_portile2 (~> 2.4.0)
    rack (2.2.2)
    rack-test (1.1.0)
      rack (>= 1.0, < 3)
    rails-dom-testing (2.0.3)
      activesupport (>= 4.2.0)
      nokogiri (>= 1.6)
    rails-html-sanitizer (1.3.0)
      loofah (~> 2.3)
    railties (6.0.3.1)
      actionpack (= 6.0.3.1)
      activesupport (= 6.0.3.1)
      method_source
      rake (>= 0.8.7)
      thor (>= 0.20.3, < 2.0)
    rake (13.0.1)
    sqlite3 (1.3.10)
    thor (1.0.1)
    thread_safe (0.3.6)
    turbolinks (5.2.0)
      turbolinks-source (~> 5.2)
    turbolinks-source (5.2.0)
    turn (0.9.6)
      ansi
    tzinfo (1.2.7)
      thread_safe (~> 0.1)
    zeitwerk (2.3.0)

PLATFORMS
  ruby

DEPENDENCIES
  appraisal (~> 2.1)
  awesome_print
  bundler (~> 1.3)
  mocha
  rake (~> 13)
  sqlite3
  turboboost!
  turn

BUNDLED WITH
   1.17.3
